GIT
  remote: git://github.com/psionides/factory_girl_dm.git
  revision: 0dc9acc
  specs:
    dm-factory_girl (1.2.3)

GIT
  remote: git://github.com/schwabsauce/merb_dm_xss_terminate.git
  revision: 5ee5f92
  specs:
    merb_dm_xss_terminate (0.6.1)
      html5 (>= 0.10.0)
      merb-core (>= 0.9.0)

GEM
  remote: http://rubygems.org/
  specs:
    abstract (1.0.0)
    addressable (2.2.0)
    bcrypt-ruby (2.1.2)
    builder (2.1.2)
    cgi_multipart_eof_fix (2.5.0)
    chardet (0.9.0)
    chronic (0.2.3)
      hoe (>= 1.2.1)
    ci_reporter (1.6.2)
      builder (>= 2.1.2)
    columnize (0.3.1)
    daemons (1.1.0)
    data_objects (0.10.2)
      addressable (~> 2.1)
    delorean (0.2.0)
      chronic
    dm-adjust (0.10.2)
      dm-core (~> 0.10.2)
    dm-aggregates (0.10.2)
      dm-core (~> 0.10.2)
    dm-core (0.10.2)
      addressable (~> 2.1)
      extlib (~> 0.9.14)
    dm-is-list (0.10.2)
      dm-adjust (~> 0.10.2)
      dm-core (~> 0.10.2)
    dm-is-tree (0.10.2)
      dm-core (~> 0.10.2)
    dm-migrations (0.10.2)
      dm-core (~> 0.10.2)
    dm-observer (0.10.2)
      dm-core (~> 0.10.2)
    dm-serializer (0.10.2)
      dm-core (~> 0.10.2)
      fastercsv (~> 1.5.0)
      json_pure (~> 1.2.0)
    dm-timestamps (0.10.2)
      dm-core (~> 0.10.2)
    dm-types (0.10.2)
      bcrypt-ruby (~> 2.1.2)
      dm-core (~> 0.10.2)
      fastercsv (~> 1.5.0)
      json_pure (~> 1.2.0)
      stringex (~> 1.1.0)
      uuidtools (~> 2.1.1)
    dm-validations (0.10.2)
      dm-core (~> 0.10.2)
    do_mysql (0.10.2)
      data_objects (= 0.10.2)
    erubis (2.6.6)
      abstract (>= 1.0.0)
    extlib (0.9.15)
    fastercsv (1.5.3)
    fastthread (1.0.7)
    gem_plugin (0.2.3)
    hoe (2.6.1)
      rake (>= 0.8.7)
      rubyforge (>= 2.0.4)
    html5 (0.10.0)
      chardet (>= 0.9.0)
      hoe (>= 1.2.0)
    icalendar (1.1.5)
    jslint_on_rails (1.0.3)
    json_pure (1.2.4)
    linecache (0.43)
    mailfactory (1.4.0)
      mime-types (>= 1.13.1)
    merb-assets (1.1.0.pre)
      merb-core (~> 1.1.0.pre)
    merb-auth-core (1.1.0.pre)
      merb-core (~> 1.1.0.pre)
    merb-auth-more (1.1.0.pre)
      merb-auth-core (~> 1.1.0.pre)
    merb-auth-slice-password (1.1.0.pre)
      merb-auth-core (~> 1.1.0.pre)
      merb-auth-more (~> 1.1.0.pre)
      merb-slices (~> 1.1.0.pre)
    merb-core (1.1.0.pre)
      bundler (>= 0.9.3)
      erubis (>= 2.6.2)
      extlib (>= 0.9.13)
      mime-types (>= 1.16)
      rack
      rake
      rspec
    merb-exceptions (1.1.0.pre)
      merb-core (~> 1.1.0.pre)
      merb-mailer (~> 1.1.0.pre)
    merb-helpers (1.1.0.pre)
      merb-core (~> 1.1.0.pre)
    merb-mailer (1.1.0.pre)
      mailfactory (>= 1.2.3)
      merb-core (~> 1.1.0.pre)
    merb-param-protection (1.1.0.pre)
      merb-core (~> 1.1.0.pre)
    merb-slices (1.1.0.pre)
      merb-core (~> 1.1.0.pre)
    merb_datamapper (1.1.0.pre)
      dm-core (~> 0.10)
      dm-migrations (~> 0.10)
      merb-core (= 1.1.0.pre)
    mime-types (1.16)
    mongrel (1.1.5)
      cgi_multipart_eof_fix (>= 2.4)
      daemons (>= 1.0.3)
      fastthread (>= 1.0.1)
      gem_plugin (>= 0.2.3)
    nokogiri (1.4.1)
    open4 (0.9.6)
    rack (1.2.1)
    rack_revision_info (0.3.5)
    rake (0.8.7)
    rcov (0.9.8)
    rcov_stats (2.0.1)
      rcov
    rspec (1.3.0)
    ruby-debug (0.10.3)
      columnize (>= 0.1)
      ruby-debug-base (~> 0.10.3.0)
    ruby-debug-base (0.10.3)
      linecache (>= 0.3)
    rubyforge (2.0.4)
      json_pure (>= 1.1.7)
    stringex (1.1.0)
    uuidtools (2.1.1)
    vlad (2.0.0)
      open4 (~> 0.9.0)
      rake (~> 0.8.0)
    vlad-git (2.0.0)

PLATFORMS
  ruby

DEPENDENCIES
  ci_reporter
  delorean
  dm-aggregates (= 0.10.2)
  dm-core (= 0.10.2)
  dm-factory_girl (= 1.2.3)!
  dm-is-list (= 0.10.2)
  dm-is-tree (= 0.10.2)
  dm-migrations (= 0.10.2)
  dm-observer (= 0.10.2)
  dm-serializer (= 0.10.2)
  dm-timestamps (= 0.10.2)
  dm-types (= 0.10.2)
  dm-validations (= 0.10.2)
  do_mysql
  fastercsv (= 1.5.3)
  icalendar (~> 1.1.0)
  jslint_on_rails
  merb-assets (= 1.1.0.pre)
  merb-auth-core (= 1.1.0.pre)
  merb-auth-more (= 1.1.0.pre)
  merb-auth-slice-password (= 1.1.0.pre)
  merb-core (= 1.1.0.pre)
  merb-exceptions (= 1.1.0.pre)
  merb-helpers (= 1.1.0.pre)
  merb-mailer (= 1.1.0.pre)
  merb-param-protection (= 1.1.0.pre)
  merb-slices (= 1.1.0.pre)
  merb_datamapper (= 1.1.0.pre)
  merb_dm_xss_terminate!
  mongrel (= 1.1.5)
  nokogiri (= 1.4.1)
  rack_revision_info
  rcov
  rcov_stats
  rspec (= 1.3.0)
  ruby-debug
  vlad (= 2.0.0)
  vlad-git (= 2.0.0)
