GIT
  remote: git://github.com/psionides/factory_girl_dm.git
  revision: 0dc9accd63c20e48e336f3f237f90f7cbe1079e8
  specs:
    dm-factory_girl (1.2.3)

GIT
  remote: git://github.com/schwabsauce/merb_dm_xss_terminate.git
  revision: 5ee5f92b61af29f5c79b89d677f27811800a639d
  specs:
    merb_dm_xss_terminate (0.6.1)
      html5 (>= 0.10.0)
      merb-core (>= 0.9.0)

GEM
  remote: http://rubygems.org/
  specs:
    activesupport (3.1.0)
      multi_json (~> 1.0)
    addressable (2.2.6)
    bcrypt-ruby (2.1.4)
    builder (3.0.0)
    chardet (0.9.0)
    chronic (0.6.4)
    ci_reporter (1.6.5)
      builder (>= 2.1.2)
    cmdparse (2.0.3)
    columnize (0.3.4)
    daemons (1.1.4)
    data_objects (0.10.6)
      addressable (~> 2.1)
    delorean (1.1.0)
      chronic
    dm-adjust (0.10.2)
      dm-core (~> 0.10.2)
    dm-aggregates (0.10.2)
      dm-core (~> 0.10.2)
    dm-core (0.10.2)
      addressable (~> 2.1)
      extlib (~> 0.9.14)
    dm-is-list (0.10.2)
      dm-adjust (~> 0.10.2)
      dm-core (~> 0.10.2)
    dm-is-tree (0.10.2)
      dm-core (~> 0.10.2)
    dm-migrations (0.10.2)
      dm-core (~> 0.10.2)
    dm-observer (0.10.2)
      dm-core (~> 0.10.2)
    dm-serializer (0.10.2)
      dm-core (~> 0.10.2)
      fastercsv (~> 1.5.0)
      json_pure (~> 1.2.0)
    dm-timestamps (0.10.2)
      dm-core (~> 0.10.2)
    dm-types (0.10.2)
      bcrypt-ruby (~> 2.1.2)
      dm-core (~> 0.10.2)
      fastercsv (~> 1.5.0)
      json_pure (~> 1.2.0)
      stringex (~> 1.1.0)
      uuidtools (~> 2.1.1)
    dm-validations (0.10.2)
      dm-core (~> 0.10.2)
    do_mysql (0.10.6)
      data_objects (= 0.10.6)
    erubis (2.7.0)
    eventmachine (0.12.10)
    extlib (0.9.15)
    fastercsv (1.5.3)
    hoe (2.12.3)
      rake (~> 0.8)
    hpricot (0.8.4)
    html5 (0.10.0)
      chardet (>= 0.9.0)
      hoe (>= 1.2.0)
    i18n (0.6.0)
    icalendar (1.1.6)
    jslint_on_rails (1.0.6)
    json_pure (1.2.4)
    juicer (1.0.12)
      cmdparse
      nokogiri
      rubyzip
    linecache (0.43)
    mailfactory (1.4.0)
      mime-types (>= 1.13.1)
    merb-assets (1.1.0.pre)
      merb-core (~> 1.1.0.pre)
    merb-auth-core (1.1.0.pre)
      merb-core (~> 1.1.0.pre)
    merb-auth-more (1.1.0.pre)
      merb-auth-core (~> 1.1.0.pre)
    merb-auth-slice-password (1.1.0.pre)
      merb-auth-core (~> 1.1.0.pre)
      merb-auth-more (~> 1.1.0.pre)
      merb-slices (~> 1.1.0.pre)
    merb-core (1.1.0.pre)
      bundler (>= 0.9.3)
      erubis (>= 2.6.2)
      extlib (>= 0.9.13)
      mime-types (>= 1.16)
      rack
      rake
      rspec
    merb-exceptions (1.1.0.pre)
      merb-core (~> 1.1.0.pre)
      merb-mailer (~> 1.1.0.pre)
    merb-helpers (1.1.0.pre)
      merb-core (~> 1.1.0.pre)
    merb-mailer (1.1.0.pre)
      mailfactory (>= 1.2.3)
      merb-core (~> 1.1.0.pre)
    merb-param-protection (1.1.0.pre)
      merb-core (~> 1.1.0.pre)
    merb-slices (1.1.0.pre)
      merb-core (~> 1.1.0.pre)
    merb_datamapper (1.1.0.pre)
      dm-core (~> 0.10)
      dm-migrations (~> 0.10)
      merb-core (= 1.1.0.pre)
    mime-types (1.16)
    multi_json (1.0.3)
    net-ldap (0.2.2)
    nokogiri (1.4.1)
    open4 (0.9.6)
    rack (1.3.2)
    rack_revision_info (0.3.5)
    rake (0.8.7)
    rcov (0.9.10)
    rcov_stats (2.2.3)
      hpricot (~> 0.8.2)
      rake (~> 0.8.7)
      rcov (~> 0.9.9)
    rspec (1.3.0)
    ruby-debug (0.10.4)
      columnize (>= 0.1)
      ruby-debug-base (~> 0.10.4.0)
    ruby-debug-base (0.10.4)
      linecache (>= 0.3)
    rubyzip (0.9.4)
    stringex (1.1.0)
    thin (1.2.11)
      daemons (>= 1.0.9)
      eventmachine (>= 0.12.6)
      rack (>= 1.0.0)
    uuidtools (2.1.2)
    vlad (2.0.0)
      open4 (~> 0.9.0)
      rake (~> 0.8.0)
    vlad-git (2.0.0)
    whenever (0.7.0)
      activesupport (>= 2.3.4)
      chronic (~> 0.6.3)

PLATFORMS
  ruby

DEPENDENCIES
  ci_reporter
  delorean
  dm-aggregates (= 0.10.2)
  dm-core (= 0.10.2)
  dm-factory_girl (= 1.2.3)!
  dm-is-list (= 0.10.2)
  dm-is-tree (= 0.10.2)
  dm-migrations (= 0.10.2)
  dm-observer (= 0.10.2)
  dm-serializer (= 0.10.2)
  dm-timestamps (= 0.10.2)
  dm-types (= 0.10.2)
  dm-validations (= 0.10.2)
  do_mysql
  fastercsv (= 1.5.3)
  i18n
  icalendar (~> 1.1.0)
  jslint_on_rails
  juicer
  linecache (= 0.43)
  merb-assets (= 1.1.0.pre)
  merb-auth-core (= 1.1.0.pre)
  merb-auth-more (= 1.1.0.pre)
  merb-auth-slice-password (= 1.1.0.pre)
  merb-core (= 1.1.0.pre)
  merb-exceptions (= 1.1.0.pre)
  merb-helpers (= 1.1.0.pre)
  merb-mailer (= 1.1.0.pre)
  merb-param-protection (= 1.1.0.pre)
  merb-slices (= 1.1.0.pre)
  merb_datamapper (= 1.1.0.pre)
  merb_dm_xss_terminate!
  net-ldap
  nokogiri (= 1.4.1)
  rack_revision_info
  rcov
  rcov_stats
  rspec (= 1.3.0)
  ruby-debug
  thin
  vlad (= 2.0.0)
  vlad-git (= 2.0.0)
  whenever
